GEM
  remote: https://rubygems.org/
  specs:
    ansi (1.5.0)
    builder (3.2.4)
    minitest (5.14.4)
    minitest-reporters (1.4.3)
      ansi
      builder
      minitest (>= 5.0)
      ruby-progressbar
    nokogiri (1.13.9-arm64-darwin)
      racc (~> 1.4)
    nokogiri (1.13.9-x86_64-darwin)
      racc (~> 1.4)
    racc (1.6.1)
    ruby-progressbar (1.11.0)

PLATFORMS
  arm64-darwin-21
  arm64-darwin-22
  x86_64-darwin-20

DEPENDENCIES
  minitest-reporters
  nokogiri

BUNDLED WITH
   2.3.26
