GEM
  remote: https://rubygems.org/
  specs:
    ansi (1.5.0)
    builder (3.2.4)
    cli-ui (2.2.3)
    minitest (5.20.0)
    minitest-reporters (1.6.1)
      ansi
      builder
      minitest (>= 5.0)
      ruby-progressbar
    nokogiri (1.15.5-arm64-darwin)
      racc (~> 1.4)
    nokogiri (1.15.5-x86_64-darwin)
      racc (~> 1.4)
    racc (1.7.3)
    ruby-progressbar (1.13.0)

PLATFORMS
  arm64-darwin-21
  arm64-darwin-22
  x86_64-darwin-20

DEPENDENCIES
  cli-ui
  minitest-reporters
  nokogiri

BUNDLED WITH
   2.3.26
